GEM
  remote: https://rubygems.org/
  specs:
    curb (0.9.4)
    rack (1.6.8)
    rack-protection (1.5.3)
      rack
    sinatra (1.4.8)
      rack (~> 1.5)
      rack-protection (~> 1.4)
      tilt (>= 1.3, < 3)
    tilt (2.0.8)

PLATFORMS
  ruby

DEPENDENCIES
  curb (~> 0.9.3)
  sinatra (~> 1.4, >= 1.4.7)

BUNDLED WITH
   1.14.3
