GEM
  remote: https://rubygems.org/
  specs:
    coderay (1.1.2)
    dotenv (2.2.1)
    method_source (0.8.2)
    pry (0.10.4)
      coderay (~> 1.1.0)
      method_source (~> 0.8.1)
      slop (~> 3.4)
    rack (1.6.8)
    rack-protection (1.5.3)
      rack
    sinatra (1.4.8)
      rack (~> 1.5)
      rack-protection (~> 1.4)
      tilt (>= 1.3, < 3)
    slop (3.6.0)
    tilt (2.0.8)

PLATFORMS
  ruby

DEPENDENCIES
  dotenv (~> 2.1, >= 2.1.1)
  pry (~> 0.10.3)
  sinatra (~> 1.4, >= 1.4.7)

BUNDLED WITH
   1.14.3
